PATH
  remote: .
  specs:
    crabgrass_media (0.3.0)
      activesupport (~> 5.0)
      mime-types (~> 3.1)

GEM
  remote: https://rubygems.org/
  specs:
    activesupport (5.1.4)
      concurrent-ruby (~> 1.0, >= 1.0.2)
      i18n (~> 0.7)
      minitest (~> 5.1)
      tzinfo (~> 1.1)
    concurrent-ruby (1.0.5)
    conventional-changelog (1.2.2)
    i18n (0.9.1)
      concurrent-ruby (~> 1.0)
    mime-types (3.1)
      mime-types-data (~> 3.2015)
    mime-types-data (3.2016.0521)
    minitest (5.11.1)
    rake (12.0.0)
    thread_safe (0.3.6)
    tzinfo (1.2.4)
      thread_safe (~> 0.1)

PLATFORMS
  ruby

DEPENDENCIES
  conventional-changelog (~> 1.2)
  crabgrass_media!
  minitest (~> 5.10)
  rake (~> 12.0)

BUNDLED WITH
   1.16.0
